PATH
  remote: .
  specs:
    early_hints_header (0.1.0)
      fast_woothee
      rack

GEM
  remote: https://rubygems.org/
  specs:
    ast (2.4.0)
    diff-lcs (1.3)
    fast_woothee (1.6.0)
      thermite (~> 0.13.0)
    jaro_winkler (1.5.4)
    minitar (0.9)
    parallel (1.19.1)
    parser (2.7.1.2)
      ast (~> 2.4.0)
    rack (2.2.2)
    rack-test (1.1.0)
      rack (>= 1.0, < 3)
    rainbow (3.0.0)
    rake (12.3.3)
    rexml (3.2.4)
    rspec (3.9.0)
      rspec-core (~> 3.9.0)
      rspec-expectations (~> 3.9.0)
      rspec-mocks (~> 3.9.0)
    rspec-core (3.9.2)
      rspec-support (~> 3.9.3)
    rspec-expectations (3.9.2)
      diff-lcs (>= 1.2.0, < 2.0)
      rspec-support (~> 3.9.0)
    rspec-mocks (3.9.1)
      diff-lcs (>= 1.2.0, < 2.0)
      rspec-support (~> 3.9.0)
    rspec-support (3.9.3)
    rubocop (0.82.0)
      jaro_winkler (~> 1.5.1)
      parallel (~> 1.10)
      parser (>= 2.7.0.1)
      rainbow (>= 2.2.2, < 4.0)
      rexml
      ruby-progressbar (~> 1.7)
      unicode-display_width (>= 1.4.0, < 2.0)
    rubocop-performance (1.5.2)
      rubocop (>= 0.71.0)
    ruby-progressbar (1.10.1)
    standard (0.4.1)
      rubocop (~> 0.82.0)
      rubocop-performance (~> 1.5.2)
    standardrb (1.0.0)
      standard
    thermite (0.13.0)
      minitar (~> 0.5)
      rake (>= 10)
      tomlrb (~> 1.2)
    tomlrb (1.3.0)
    unicode-display_width (1.7.0)

PLATFORMS
  ruby

DEPENDENCIES
  early_hints_header!
  fast_woothee
  rack
  rack-test
  rake (~> 12.0)
  rspec (~> 3.0)
  standardrb

BUNDLED WITH
   2.1.4
